GEM
  remote: https://rubygems.org/
  specs:
    filewatcher (0.5.3)
      trollop (~> 2.0)
    foreman (0.82.0)
      thor (~> 0.19.1)
    sass (3.4.22)
    slim (3.0.7)
      temple (~> 0.7.6)
      tilt (>= 1.3.3, < 2.1)
    temple (0.7.7)
    thor (0.19.4)
    tilt (2.0.5)
    trollop (2.1.2)

PLATFORMS
  ruby

DEPENDENCIES
  filewatcher
  foreman
  sass
  slim

BUNDLED WITH
   1.13.6
